GEM
  remote: http://rubygems.org/
  specs:
    columnize (0.3.2)
    linecache (0.43)
    rb-appscript (0.6.1)
    ruby-debug (0.10.4)
      columnize (>= 0.1)
      ruby-debug-base (~> 0.10.4.0)
    ruby-debug-base (0.10.4)
      linecache (>= 0.3)

PLATFORMS
  ruby

DEPENDENCIES
  rb-appscript
  ruby-debug
