GEM
  remote: http://rubygems.org/
  specs:
    archive-tar-minitar (0.5.2)
    columnize (0.3.2)
    eventmachine (0.12.10)
    haml (3.1.1)
    linecache19 (0.5.12)
      ruby_core_source (>= 0.1.4)
    rack (1.3.0)
    rb-appscript (0.6.1)
    ruby-debug-base19 (0.11.25)
      columnize (>= 0.3.1)
      linecache19 (>= 0.5.11)
      ruby_core_source (>= 0.1.4)
    ruby-debug19 (0.11.6)
      columnize (>= 0.3.1)
      linecache19 (>= 0.5.11)
      ruby-debug-base19 (>= 0.11.19)
    ruby_core_source (0.1.5)
      archive-tar-minitar (>= 0.5.2)
    sequel (3.23.0)
    sinatra (1.2.6)
      rack (~> 1.1)
      tilt (>= 1.2.2, < 2.0)
    sinatra-content-for (0.2)
      sinatra
    sqlite3 (1.3.3)
    sqlite3-ruby (1.3.3)
      sqlite3 (>= 1.3.3)
    tilt (1.3.2)

PLATFORMS
  ruby

DEPENDENCIES
  eventmachine
  haml
  rb-appscript
  ruby-debug19
  sequel
  sinatra
  sinatra-content-for
  sqlite3-ruby
